GEM
  remote: http://rubygems.org/
  specs:
    css_parser (1.1.9)
    rake (0.8.7)

PLATFORMS
  ruby

DEPENDENCIES
  css_parser
  rake (= 0.8.7)
